PATH
  remote: .
  specs:
    zabbirc (0.0.11)
      activesupport (~> 4.2.4, >= 4.2.4)
      cinch (~> 2.1)
      dotenv (~> 1.0, >= 1.0.2)
      pry (~> 0.10, >= 0.10.0)
      zabbix-client (~> 0.1, >= 0.1.0)

GEM
  remote: https://rubygems.org/
  specs:
    activesupport (4.2.4)
      i18n (~> 0.7)
      json (~> 1.7, >= 1.7.7)
      minitest (~> 5.1)
      thread_safe (~> 0.3, >= 0.3.4)
      tzinfo (~> 1.1)
    cinch (2.1.0)
    cinch-test (0.1.1)
      cinch (~> 2)
    coderay (1.1.0)
    diff-lcs (1.2.5)
    dotenv (1.0.2)
    i18n (0.7.0)
    json (1.8.3)
    method_source (0.8.2)
    minitest (5.8.2)
    pry (0.10.1)
      coderay (~> 1.1.0)
      method_source (~> 0.8.1)
      slop (~> 3.4)
    pry-doc (0.6.0)
      pry (~> 0.9)
      yard (~> 0.8)
    rspec (3.1.0)
      rspec-core (~> 3.1.0)
      rspec-expectations (~> 3.1.0)
      rspec-mocks (~> 3.1.0)
    rspec-core (3.1.7)
      rspec-support (~> 3.1.0)
    rspec-expectations (3.1.2)
      diff-lcs (>= 1.2.0, < 2.0)
      rspec-support (~> 3.1.0)
    rspec-mocks (3.1.3)
      rspec-support (~> 3.1.0)
    rspec-support (3.1.2)
    slop (3.6.0)
    thread_safe (0.3.5)
    tzinfo (1.2.2)
      thread_safe (~> 0.1)
    yard (0.8.7.4)
    zabbix-client (0.1.0)

PLATFORMS
  ruby

DEPENDENCIES
  activesupport (~> 4.2.4)
  cinch
  cinch-test (~> 0.1.1)
  dotenv (~> 1.0.2)
  pry
  pry-doc
  rspec
  zabbirc!
  zabbix-client (~> 0.1.0)

BUNDLED WITH
   1.10.6
