PATH
  remote: .
  specs:
    zabbix_irc_bot (0.0.0)

GEM
  remote: https://rubygems.org/
  specs:
    activesupport (4.1.6)
      i18n (~> 0.6, >= 0.6.9)
      json (~> 1.7, >= 1.7.7)
      minitest (~> 5.1)
      thread_safe (~> 0.1)
      tzinfo (~> 1.1)
    cinch (2.1.0)
    coderay (1.1.0)
    i18n (0.6.11)
    json (1.8.1)
    method_source (0.8.2)
    minitest (5.4.2)
    pry (0.10.1)
      coderay (~> 1.1.0)
      method_source (~> 0.8.1)
      slop (~> 3.4)
    pry-doc (0.6.0)
      pry (~> 0.9)
      yard (~> 0.8)
    slop (3.6.0)
    thor (0.19.1)
    thread_safe (0.3.4)
    tzinfo (1.2.2)
      thread_safe (~> 0.1)
    yard (0.8.7.4)
    zabbix-client (0.1.0)

PLATFORMS
  ruby

DEPENDENCIES
  activesupport (~> 4.1.6)
  cinch
  pry
  pry-doc
  thor (~> 0.19.1)
  zabbix-client (~> 0.1.0)
  zabbix_irc_bot!
